GEM
  remote: https://rubygems.org/
  specs:
    connection_pool (2.2.5)
    nio4r (2.5.8)
    puma (5.6.4)
      nio4r (~> 2.0)
    rack (2.2.4)
    redis (4.7.1)
    sidekiq (6.5.1)
      connection_pool (>= 2.2.2)
      rack (~> 2.0)
      redis (>= 4.2.0)
    sidekiq-prometheus-exporter (0.1.17)
      rack (>= 1.6.0)
      sidekiq (>= 3.3.1)

PLATFORMS
  aarch64-linux
  arm64-darwin-21

DEPENDENCIES
  puma
  sidekiq
  sidekiq-prometheus-exporter

BUNDLED WITH
   2.3.7
